GEM
  remote: https://rubygems.org/
  specs:
    addressable (2.8.5)
      public_suffix (>= 2.0.2, < 6.0)
    colorize (1.1.0)
    deep_merge (1.2.2)
    dotenv (2.8.1)
    git (1.18.0)
      addressable (~> 2.8)
      rchardet (~> 1.8)
    public_suffix (5.0.3)
    rchardet (1.8.0)
    retriable (3.1.2)

PLATFORMS
  arm64-darwin-21
  arm64-darwin-22
  universal-darwin-20
  x86_64-darwin-21

DEPENDENCIES
  colorize
  deep_merge
  dotenv
  git
  retriable

BUNDLED WITH
   2.4.6
