GEM
  remote: https://rubygems.org/
  specs:
    addressable (2.8.5)
      public_suffix (>= 2.0.2, < 6.0)
    colorize (1.1.0)
    concurrent-ruby (1.3.5)
    deep_merge (1.2.2)
    diff-lcs (1.6.0)
    docile (1.4.1)
    dotenv (2.8.1)
    faker (3.5.1)
      i18n (>= 1.8.11, < 2)
    git (1.18.0)
      addressable (~> 2.8)
      rchardet (~> 1.8)
    i18n (1.14.7)
      concurrent-ruby (~> 1.0)
    public_suffix (5.0.3)
    rchardet (1.8.0)
    retriable (3.1.2)
    rspec (3.13.0)
      rspec-core (~> 3.13.0)
      rspec-expectations (~> 3.13.0)
      rspec-mocks (~> 3.13.0)
    rspec-core (3.13.3)
      rspec-support (~> 3.13.0)
    rspec-expectations (3.13.3)
      diff-lcs (>= 1.2.0, < 2.0)
      rspec-support (~> 3.13.0)
    rspec-its (2.0.0)
      rspec-core (>= 3.13.0)
      rspec-expectations (>= 3.13.0)
    rspec-mocks (3.13.2)
      diff-lcs (>= 1.2.0, < 2.0)
      rspec-support (~> 3.13.0)
    rspec-support (3.13.2)
    simplecov (0.22.0)
      docile (~> 1.1)
      simplecov-html (~> 0.11)
      simplecov_json_formatter (~> 0.1)
    simplecov-html (0.13.1)
    simplecov_json_formatter (0.1.4)
    timecop (0.9.10)

PLATFORMS
  arm64-darwin-21
  arm64-darwin-22
  arm64-darwin-23
  universal-darwin-20
  x86_64-darwin-21
  x86_64-linux

DEPENDENCIES
  colorize
  deep_merge
  dotenv
  faker
  git
  retriable
  rspec (~> 3.12)
  rspec-its
  simplecov
  timecop

BUNDLED WITH
   2.4.6
