GEM
  remote: https://rubygems.org/
  specs:
    colorize (0.8.1)
    deep_merge (1.2.1)
    dotenv (2.7.6)
    git (1.9.1)
      rchardet (~> 1.8)
    rchardet (1.8.0)
    retriable (3.1.2)

PLATFORMS
  arm64-darwin-21
  universal-darwin-20
  x86_64-darwin-21

DEPENDENCIES
  colorize
  deep_merge
  dotenv
  git
  retriable

BUNDLED WITH
   2.3.8
